{
    "Modality": "MR",
    "MagneticFieldStrength": 3,
    "Manufacturer": "Siemens",
    "ManufacturersModelName": "Skyra",
    "InstitutionName": "Lewis_Building",
    "InstitutionalDepartmentName": "Department",
    "InstitutionAddress": "Franklin_Blvd_1440_Eugene_District_US_97403",
    "DeviceSerialNumber": "45348",
    "StationName": "AWP45348",
    "BodyPartExamined": "BRAIN",
    "PatientPosition": "HFS",
    "ProcedureStepDescription": "kuhl_lab_Kuhl_DIIN",
    "SoftwareVersions": "syngo_MR_E11",
    "MRAcquisitionType": "2D",
    "SeriesDescription": "se_epi_1.7mm_pa",
    "ProtocolName": "se_epi_1.7mm_pa",
    "ScanningSequence": "EP",
    "SequenceVariant": "SK",
    "ScanOptions": "FS",
    "SequenceName": "epse2d1_124",
    "ImageType": [
        "ORIGINAL",
        "PRIMARY",
        "M",
        "ND",
        "MOSAIC"
    ],
    "SeriesNumber": 20,
    "AcquisitionTime": "15:16:55.287500",
    "AcquisitionNumber": 1,
    "SliceThickness": 1.7,
    "SpacingBetweenSlices": 1.7,
    "SAR": 0.25447,
    "EchoTime": 0.0526,
    "RepetitionTime": 7.22,
    "FlipAngle": 90,
    "PartialFourier": 1,
    "BaseResolution": 124,
    "ShimSetting": [
        -5004,
        7641,
        9091,
        370,
        -77,
        598,
        218,
        -253
    ],
    "TxRefAmp": 348.738,
    "PhaseResolution": 1,
    "ReceiveCoilName": "Head_32",
    "ReceiveCoilActiveElements": "HEA;HEP",
    "PulseSequenceDetails": "%CustomerSeq%_cmrr_mbep2d_se",
    "ConsistencyInfo": "N4_VE11C_LATEST_20160120",
    "PercentPhaseFOV": 100,
    "EchoTrainLength": 61,
    "PhaseEncodingSteps": 123,
    "AcquisitionMatrixPE": 124,
    "ReconMatrixPE": 124,
    "BandwidthPerPixelPhaseEncode": 20.947,
    "ParallelReductionFactorInPlane": 2,
    "EffectiveEchoSpacing": 0.000384996,
    "DerivedVendorReportedEchoSpacing": 0.000769992,
    "TotalReadoutTime": 0.0473545,
    "PixelBandwidth": 1550,
    "DwellTime": 2.6e-06,
    "PhaseEncodingDirection": "j",
    "SliceTiming": [
        0,
        3.6475,
        0.0975,
        3.745,
        0.1925,
        3.84,
        0.2875,
        3.935,
        0.385,
        4.0325,
        0.48,
        4.1275,
        0.5775,
        4.225,
        0.6725,
        4.32,
        0.7675,
        4.415,
        0.865,
        4.5125,
        0.96,
        4.6075,
        1.055,
        4.705,
        1.1525,
        4.8,
        1.2475,
        4.895,
        1.345,
        4.9925,
        1.44,
        5.0875,
        1.535,
        5.185,
        1.6325,
        5.28,
        1.7275,
        5.375,
        1.825,
        5.4725,
        1.92,
        5.5675,
        2.015,
        5.665,
        2.1125,
        5.76,
        2.2075,
        5.855,
        2.305,
        5.9525,
        2.4,
        6.0475,
        2.495,
        6.1425,
        2.5925,
        6.24,
        2.6875,
        6.335,
        2.785,
        6.4325,
        2.88,
        6.5275,
        2.975,
        6.6225,
        3.0725,
        6.72,
        3.1675,
        6.815,
        3.265,
        6.9125,
        3.36,
        7.0075,
        3.455,
        7.1025,
        3.5525
    ],
    "ImageOrientationPatientDICOM": [
        0.999915,
        -0.0066561,
        -0.0112292,
        0.0104715,
        0.922625,
        0.385555
    ],
    "InPlanePhaseEncodingDirectionDICOM": "COL",
    "ConversionSoftware": "dcm2niix",
    "ConversionSoftwareVersion": "v1.0.20171215 GCC5.3.1",
    "IntendedFor": [
        "func/sub-30_task-perception_run-03_bold.nii.gz",
        "func/sub-30_task-perception_run-01_bold.nii.gz",
        "func/sub-30_task-retrieval_run-02_bold.nii.gz",
        "func/sub-30_task-retrieval_run-01_bold.nii.gz",
        "func/sub-30_task-retrieval_run-04_bold.nii.gz",
        "func/sub-30_task-retrieval_run-06_bold.nii.gz",
        "func/sub-30_task-perception_run-04_bold.nii.gz",
        "func/sub-30_task-perception_run-02_bold.nii.gz",
        "func/sub-30_task-retrieval_run-05_bold.nii.gz",
        "func/sub-30_task-retrieval_run-03_bold.nii.gz",
        "func/sub-30_task-perception_run-06_bold.nii.gz",
        "func/sub-30_task-perception_run-05_bold.nii.gz"
    ]
}