{
    "Modality": "MR",
    "MagneticFieldStrength": 3,
    "Manufacturer": "Siemens",
    "ManufacturersModelName": "Skyra",
    "InstitutionName": "Lewis_Building",
    "InstitutionalDepartmentName": "Department",
    "InstitutionAddress": "Franklin_Blvd_1440_Eugene_District_US_97403",
    "DeviceSerialNumber": "45348",
    "StationName": "AWP45348",
    "BodyPartExamined": "BRAIN",
    "PatientPosition": "HFS",
    "ProcedureStepDescription": "kuhl_lab_Kuhl_DIIN",
    "SoftwareVersions": "syngo_MR_E11",
    "MRAcquisitionType": "2D",
    "SeriesDescription": "se_epi_1.7mm_ap",
    "ProtocolName": "se_epi_1.7mm_ap",
    "ScanningSequence": "EP",
    "SequenceVariant": "SK",
    "ScanOptions": "FS",
    "SequenceName": "epse2d1_124",
    "ImageType": [
        "ORIGINAL",
        "PRIMARY",
        "M",
        "ND",
        "MOSAIC"
    ],
    "SeriesNumber": 21,
    "AcquisitionTime": "12:54:53.300000",
    "AcquisitionNumber": 1,
    "SliceThickness": 1.7,
    "SpacingBetweenSlices": 1.7,
    "SAR": 0.266143,
    "EchoTime": 0.0526,
    "RepetitionTime": 7.22,
    "FlipAngle": 90,
    "PartialFourier": 1,
    "BaseResolution": 124,
    "ShimSetting": [
        -4995,
        7562,
        9136,
        481,
        119,
        586,
        508,
        -294
    ],
    "TxRefAmp": 328.539,
    "PhaseResolution": 1,
    "ReceiveCoilName": "Head_32",
    "ReceiveCoilActiveElements": "HEA;HEP",
    "PulseSequenceDetails": "%CustomerSeq%_cmrr_mbep2d_se",
    "ConsistencyInfo": "N4_VE11C_LATEST_20160120",
    "PercentPhaseFOV": 100,
    "EchoTrainLength": 61,
    "PhaseEncodingSteps": 123,
    "AcquisitionMatrixPE": 124,
    "ReconMatrixPE": 124,
    "BandwidthPerPixelPhaseEncode": 20.947,
    "ParallelReductionFactorInPlane": 2,
    "EffectiveEchoSpacing": 0.000384996,
    "DerivedVendorReportedEchoSpacing": 0.000769992,
    "TotalReadoutTime": 0.0473545,
    "PixelBandwidth": 1550,
    "DwellTime": 2.6e-06,
    "PhaseEncodingDirection": "j-",
    "SliceTiming": [
        0,
        3.6475,
        0.095,
        3.7425,
        0.19,
        3.8375,
        0.2875,
        3.935,
        0.3825,
        4.03,
        0.48,
        4.1275,
        0.575,
        4.2225,
        0.67,
        4.3175,
        0.7675,
        4.415,
        0.8625,
        4.51,
        0.96,
        4.6075,
        1.055,
        4.7025,
        1.15,
        4.7975,
        1.2475,
        4.895,
        1.3425,
        4.99,
        1.44,
        5.0875,
        1.535,
        5.1825,
        1.63,
        5.2775,
        1.7275,
        5.375,
        1.8225,
        5.47,
        1.9175,
        5.5675,
        2.015,
        5.6625,
        2.11,
        5.7575,
        2.2075,
        5.855,
        2.3025,
        5.95,
        2.3975,
        6.0475,
        2.495,
        6.1425,
        2.59,
        6.2375,
        2.6875,
        6.335,
        2.7825,
        6.43,
        2.8775,
        6.525,
        2.975,
        6.6225,
        3.07,
        6.7175,
        3.1675,
        6.815,
        3.2625,
        6.91,
        3.3575,
        7.005,
        3.455,
        7.1025,
        3.55
    ],
    "ImageOrientationPatientDICOM": [
        0.999731,
        0.0226579,
        -0.00499176,
        -0.0172759,
        0.870589,
        0.491708
    ],
    "InPlanePhaseEncodingDirectionDICOM": "COL",
    "ConversionSoftware": "dcm2niix",
    "ConversionSoftwareVersion": "v1.0.20171215 GCC5.3.1",
    "IntendedFor": [
        "func/sub-09_task-retrieval_run-03_bold.nii.gz",
        "func/sub-09_task-perception_run-02_bold.nii.gz",
        "func/sub-09_task-retrieval_run-05_bold.nii.gz",
        "func/sub-09_task-retrieval_run-01_bold.nii.gz",
        "func/sub-09_task-retrieval_run-04_bold.nii.gz",
        "func/sub-09_task-perception_run-01_bold.nii.gz",
        "func/sub-09_task-retrieval_run-06_bold.nii.gz",
        "func/sub-09_task-perception_run-04_bold.nii.gz",
        "func/sub-09_task-perception_run-05_bold.nii.gz",
        "func/sub-09_task-perception_run-06_bold.nii.gz",
        "func/sub-09_task-perception_run-03_bold.nii.gz",
        "func/sub-09_task-retrieval_run-02_bold.nii.gz"
    ]
}