{
	"Modality": "MR",
	"MagneticFieldStrength": 3,
	"Manufacturer": "Siemens",
	"ManufacturersModelName": "Skyra",
	"InstitutionName": "University_of_Oregon",
	"InstitutionalDepartmentName": "Department",
	"InstitutionAddress": "Franklin_Blvd_1440_Eugene_District_US_97403",
	"DeviceSerialNumber": "45348",
	"StationName": "AWP45348",
	"BodyPartExamined": "BRAIN",
	"PatientPosition": "HFS",
	"ProcedureStepDescription": "kuhl_lab_Kuhl_DIIN",
	"SoftwareVersions": "syngo_MR_E11",
	"MRAcquisitionType": "3D",
	"SeriesDescription": "mprage_p2",
	"ProtocolName": "mprage_p2",
	"ScanningSequence": "GR_IR",
	"SequenceVariant": "SK_SP_MP",
	"ScanOptions": "IR",
	"SequenceName": "_tfl3d1_16ns",
	"ImageType": ["ORIGINAL", "PRIMARY", "M", "NORM", "DIS3D", "DIS2D"],
	"SeriesNumber": 6,
	"AcquisitionTime": "09:50:8.505000",
	"AcquisitionNumber": 1,
	"SliceThickness": 1,
	"SAR": 0.0642846,
	"EchoTime": 0.00343,
	"RepetitionTime": 2.5,
	"InversionTime": 1.1,
	"FlipAngle": 7,
	"PartialFourier": 1,
	"BaseResolution": 256,
	"ShimSetting": [
		-5066,
		7532,
		9094,
		608,
		2,
		-64,
		-93,
		-177	],
	"TxRefAmp": 351.075,
	"PhaseResolution": 1,
	"ReceiveCoilName": "Head_32",
	"ReceiveCoilActiveElements": "HEA;HEP",
	"PulseSequenceDetails": "%SiemensSeq%_tfl",
	"ConsistencyInfo": "N4_VE11C_LATEST_20160120",
	"PercentPhaseFOV": 100,
	"PhaseEncodingSteps": 255,
	"AcquisitionMatrixPE": 256,
	"ReconMatrixPE": 256,
	"ParallelReductionFactorInPlane": 2,
	"PixelBandwidth": 190,
	"DwellTime": 1.03e-05,
	"ImageOrientationPatientDICOM": [
		-0.0193204,
		0.999813,
		1.20141e-08,
		-0.0470461,
		-0.000909106,
		-0.998892	],
	"InPlanePhaseEncodingDirectionDICOM": "ROW",
	"ConversionSoftware": "dcm2niix",
	"ConversionSoftwareVersion": "v1.0.20171215 GCC5.3.1"
}
