{
	"Modality": "MR",
	"MagneticFieldStrength": 3,
	"Manufacturer": "Siemens",
	"ManufacturersModelName": "Skyra",
	"InstitutionName": "Lewis_Building",
	"InstitutionalDepartmentName": "Department",
	"InstitutionAddress": "Franklin_Blvd_1440_Eugene_District_US_97403",
	"DeviceSerialNumber": "45348",
	"StationName": "AWP45348",
	"BodyPartExamined": "BRAIN",
	"PatientPosition": "HFS",
	"ProcedureStepDescription": "kuhl_lab_Kuhl_DIIN",
	"SoftwareVersions": "syngo_MR_E11",
	"MRAcquisitionType": "2D",
	"SeriesDescription": "Perception_4",
	"ProtocolName": "Perception_4",
	"ScanningSequence": "EP",
	"SequenceVariant": "SK_SS",
	"ScanOptions": "FS",
	"SequenceName": "epfid2d1_124",
	"ImageType": ["ORIGINAL", "PRIMARY", "M", "MB", "ND", "NORM", "MOSAIC"],
	"SeriesNumber": 19,
	"AcquisitionTime": "15:01:27.192500",
	"AcquisitionNumber": 1,
	"ImageComments": "Unaliased_MB3_PE4",
	"SliceThickness": 1.7,
	"SpacingBetweenSlices": 1.7,
	"SAR": 0.0880053,
	"EchoTime": 0.036,
	"RepetitionTime": 2,
	"FlipAngle": 90,
	"PartialFourier": 1,
	"BaseResolution": 124,
	"ShimSetting": [
		-4980,
		7707,
		9053,
		294,
		-2,
		460,
		-18,
		-378	],
	"TxRefAmp": 346.432,
	"PhaseResolution": 1,
	"ReceiveCoilName": "Head_32",
	"ReceiveCoilActiveElements": "HEA;HEP",
	"PulseSequenceDetails": "%CustomerSeq%_cmrr_mbep2d_bold",
	"ConsistencyInfo": "N4_VE11C_LATEST_20160120",
	"MultibandAccelerationFactor": 3,
	"PercentPhaseFOV": 100,
	"EchoTrainLength": 61,
	"PhaseEncodingSteps": 123,
	"AcquisitionMatrixPE": 124,
	"ReconMatrixPE": 124,
	"BandwidthPerPixelPhaseEncode": 21.222,
	"ParallelReductionFactorInPlane": 2,
	"EffectiveEchoSpacing": 0.000380007,
	"DerivedVendorReportedEchoSpacing": 0.000760015,
	"TotalReadoutTime": 0.0467409,
	"PixelBandwidth": 1550,
	"DwellTime": 2.6e-06,
	"PhaseEncodingDirection": "j-",
	"SliceTiming": [
		0,
		0.905,
		1.8125,
		0.7425,
		1.6475,
		0.5775,
		1.4825,
		0.4125,
		1.3175,
		0.2475,
		1.1525,
		0.0825,
		0.9875,
		1.895,
		0.825,
		1.73,
		0.66,
		1.565,
		0.495,
		1.4,
		0.33,
		1.235,
		0.165,
		1.07,
		0,
		0.905,
		1.8125,
		0.7425,
		1.6475,
		0.5775,
		1.4825,
		0.4125,
		1.3175,
		0.2475,
		1.1525,
		0.0825,
		0.9875,
		1.895,
		0.825,
		1.73,
		0.66,
		1.565,
		0.495,
		1.4,
		0.33,
		1.235,
		0.165,
		1.07,
		0,
		0.905,
		1.8125,
		0.7425,
		1.6475,
		0.5775,
		1.4825,
		0.4125,
		1.3175,
		0.2475,
		1.1525,
		0.0825,
		0.9875,
		1.895,
		0.825,
		1.73,
		0.66,
		1.565,
		0.495,
		1.4,
		0.33,
		1.235,
		0.165,
		1.07	],
	"ImageOrientationPatientDICOM": [
		0.999699,
		-0.00566453,
		0.0238662,
		0.000348947,
		0.976156,
		0.217069	],
	"InPlanePhaseEncodingDirectionDICOM": "COL",
	"ConversionSoftware": "dcm2niix",
	"ConversionSoftwareVersion": "v1.0.20171215 GCC5.3.1"
}
